GIT
  remote: https://github.com/dsh0416/evt.git
  revision: 864a532126e1a7cb662f95bf84e57d1afaab4d08
  specs:
    evt (0.1.3)

GEM
  remote: https://rubygems.org/
  specs:

PLATFORMS
  ruby

DEPENDENCIES
  evt!

BUNDLED WITH
   2.2.0.dev
