GIT
  remote: https://github.com/dsh0416/evt.git
  revision: 9a70fe653ec101f13be69b89ccae8255127913c2
  specs:
    evt (0.2.0)

GEM
  remote: https://rubygems.org/
  specs:

PLATFORMS
  ruby
  x86_64-darwin-20

DEPENDENCIES
  evt!

BUNDLED WITH
   2.2.2
